PATH
  remote: .
  specs:
    gem-open (0.1.6)

GEM
  remote: https://rubygems.org/
  specs:
    mocha (0.9.12)
    test-unit (2.3.0)

PLATFORMS
  ruby

DEPENDENCIES
  gem-open!
  mocha (~> 0.9.12)
  test-unit (~> 2.3.0)
