PATH
  remote: .
  specs:
    gem-open (0.1.7)

GEM
  remote: http://rubygems.org/
  specs:
    minitest (5.2.1)
    mocha (0.9.12)
    rake (10.1.1)
    test-unit (2.5.5)

PLATFORMS
  ruby

DEPENDENCIES
  gem-open!
  minitest
  mocha (~> 0.9.12)
  rake
  test-unit
